GEM
  remote: https://rubygems.org/
  specs:
    coderay (1.1.1)
    ethon (0.10.1)
      ffi (>= 1.3.0)
    ffi (1.9.18)
    method_source (0.8.2)
    mini_portile2 (2.4.0)
    nokogiri (1.10.8)
      mini_portile2 (~> 2.4.0)
    pry (0.10.4)
      coderay (~> 1.1.0)
      method_source (~> 0.8.1)
      slop (~> 3.4)
    rmagick (4.0.0)
    slop (3.6.0)
    typhoeus (1.1.2)
      ethon (>= 0.9.0)

PLATFORMS
  ruby

DEPENDENCIES
  nokogiri
  pry
  rmagick
  typhoeus

RUBY VERSION
   ruby 2.5.3p105

BUNDLED WITH
   1.17.3
